GIT
  remote: git@github.com:bigwheel/rmwiki.git
  revision: 2647c79c3741a834855cf4cabb05f22720af8783
  specs:
    rmwiki (0.0.3)
      httpclient
      nokogiri

GEM
  remote: https://rubygems.org/
  specs:
    coderay (1.1.0)
    httpclient (2.4.0)
    method_source (0.8.2)
    mini_portile (0.6.0)
    nokogiri (1.6.3.1)
      mini_portile (= 0.6.0)
    pry (0.10.1)
      coderay (~> 1.1.0)
      method_source (~> 0.8.1)
      slop (~> 3.4)
    rfuse (1.0.5)
    rfusefs (1.0.2)
      rfuse (>= 1.0.5)
    slop (3.6.0)

PLATFORMS
  ruby

DEPENDENCIES
  pry
  rfusefs
  rmwiki!
