GEM
  remote: https://rubygems.org/
  specs:
    coderay (1.1.0)
    method_source (0.8.2)
    pry (0.10.1)
      coderay (~> 1.1.0)
      method_source (~> 0.8.1)
      slop (~> 3.4)
    rfuse (1.0.5)
    rfusefs (1.0.2)
      rfuse (>= 1.0.5)
    slop (3.6.0)

PLATFORMS
  ruby

DEPENDENCIES
  pry
  rfusefs
